GEM
  specs:
    andand (1.3.1)
    nokogiri (1.4.4)

PLATFORMS
  ruby

DEPENDENCIES
  andand
  nokogiri
