GEM
  specs:
    andand (1.3.1)
    xml-simple (1.0.14)

PLATFORMS
  ruby

DEPENDENCIES
  andand
  xml-simple
